GEM
  remote: https://rubygems.org/
  specs:
    faraday (2.7.4)
      faraday-net_http (>= 2.0, < 3.1)
      ruby2_keywords (>= 0.0.4)
    faraday-net_http (3.0.2)
    jwt (2.7.0)
    nokogiri (1.15.0-arm64-darwin)
      racc (~> 1.4)
    racc (1.6.2)
    ruby2_keywords (0.0.5)
    twilio-ruby (6.0.1)
      faraday (>= 0.9, < 3.0)
      jwt (>= 1.5, < 3.0)
      nokogiri (>= 1.6, < 2.0)

PLATFORMS
  arm64-darwin-22

DEPENDENCIES
  twilio-ruby (~> 6.0.1)

BUNDLED WITH
   2.4.13
